PATH
  remote: .
  specs:
    gem_version_wrapper (1.0.0)

GEM
  remote: https://rubygems.org/
  specs:
    minitest (5.11.3)
    rake (10.5.0)

PLATFORMS
  ruby

DEPENDENCIES
  bundler (~> 1.17)
  gem_version_wrapper!
  minitest (~> 5.0)
  rake (~> 10.0)

BUNDLED WITH
   1.17.1
